PATH
  remote: .
  specs:
    working_man (0.0.2)
      methadone

GEM
  remote: https://rubygems.org/
  specs:
    json (1.6.5)
    methadone (0.5.1)
      bundler
    rake (0.9.2.2)
    rdoc (3.12)
      json (~> 1.4)

PLATFORMS
  ruby

DEPENDENCIES
  rake (~> 0.9.2)
  rdoc
  working_man!
